GEM
  remote: https://rubygems.org/
  specs:
    concurrent-ruby (1.2.3)
    date (3.4.1)
    mail (2.8.1)
      mini_mime (>= 0.1.1)
      net-imap
      net-pop
      net-smtp
    mini_mime (1.1.5)
    net-imap (0.5.10)
      date
      net-protocol
    net-pop (0.1.2)
      net-protocol
    net-protocol (0.2.2)
      timeout
    net-smtp (0.4.0.1)
      net-protocol
    thor (1.3.0)
    timeout (0.4.3)

PLATFORMS
  aarch64-linux

DEPENDENCIES
  concurrent-ruby
  mail
  net-smtp
  thor

BUNDLED WITH
   2.4.10
